PATH
  remote: .
  specs:
    openpull (0.0.9)
      colorize (~> 0.8.1)
      faraday-http-cache (~> 0.4.2)
      octokit (~> 3.8.0)
      terminal-table (~> 1.8.0)

GEM
  remote: https://rubygems.org/
  specs:
    addressable (2.3.8)
    ast (2.4.0)
    colorize (0.8.1)
    faraday (0.9.2)
      multipart-post (>= 1.2, < 3)
    faraday-http-cache (0.4.2)
      faraday (~> 0.8)
    jaro_winkler (1.5.2)
    multipart-post (2.0.0)
    octokit (3.8.0)
      sawyer (~> 0.6.0, >= 0.5.3)
    parallel (1.13.0)
    parser (2.6.0.0)
      ast (~> 2.4.0)
    powerpack (0.1.2)
    rainbow (3.0.0)
    rubocop (0.64.0)
      jaro_winkler (~> 1.5.1)
      parallel (~> 1.10)
      parser (>= 2.5, != 2.5.1.1)
      powerpack (~> 0.1)
      rainbow (>= 2.2.2, < 4.0)
      ruby-progressbar (~> 1.7)
      unicode-display_width (~> 1.4.0)
    ruby-progressbar (1.10.0)
    sawyer (0.6.0)
      addressable (~> 2.3.5)
      faraday (~> 0.8, < 0.10)
    terminal-table (1.8.0)
      unicode-display_width (~> 1.1, >= 1.1.1)
    unicode-display_width (1.4.1)

PLATFORMS
  ruby

DEPENDENCIES
  openpull!
  rubocop (~> 0.64)

BUNDLED WITH
   1.17.2
